GEM
  remote: http://rubygems.org/
  specs:
    diff-lcs (1.2.4)
    faraday (0.8.6)
      multipart-post (~> 1.1)
    json (1.8.0)
    multipart-post (1.2.0)
    rake (10.0.4)
    reek (1.3.1)
      ruby2ruby (~> 2.0.2)
      ruby_parser (~> 3.1.1)
      sexp_processor
    rspec (2.13.0)
      rspec-core (~> 2.13.0)
      rspec-expectations (~> 2.13.0)
      rspec-mocks (~> 2.13.0)
    rspec-core (2.13.1)
    rspec-expectations (2.13.0)
      diff-lcs (>= 1.1.3, < 2.0)
    rspec-mocks (2.13.1)
    ruby2ruby (2.0.5)
      ruby_parser (~> 3.1)
      sexp_processor (~> 4.0)
    ruby_parser (3.1.3)
      sexp_processor (~> 4.1)
    sexp_processor (4.2.1)
    transport (1.0.6)

PLATFORMS
  ruby

DEPENDENCIES
  faraday
  json
  rake
  reek
  rspec
  transport (>= 1.0.2)
